GIT
  remote: git://github.com/hnakamur/asciidoctor-pdf.git
  revision: 7ba4b7952d5b335a524813d628d110264bac9751
  branch: vlgothic_font_support
  specs:
    asciidoctor-pdf (1.0.0.dev)
      asciidoctor (~> 1.5.0.preview4)
      coderay (= 1.1.0)
      prawn (= 0.13.1)
      prawn-svg (= 0.12.0.12)
      slim (= 2.0.2)
      tilt (= 2.0.0)
      treetop (= 1.4.15)

GEM
  remote: https://rubygems.org/
  specs:
    Ascii85 (1.0.2)
    afm (0.2.0)
    asciidoctor (1.5.0.preview.7)
    coderay (1.1.0)
    hashery (2.1.1)
    pdf-reader (1.3.3)
      Ascii85 (~> 1.0.0)
      afm (~> 0.2.0)
      hashery (~> 2.0)
      ruby-rc4
      ttfunk
    polyglot (0.3.4)
    prawn (0.13.1)
      pdf-reader (~> 1.2)
      ruby-rc4
      ttfunk (~> 1.0.3)
    prawn-svg (0.12.0.12)
      prawn (>= 0.8.4)
    ruby-rc4 (0.1.5)
    slim (2.0.2)
      temple (~> 0.6.6)
      tilt (>= 1.3.3, < 2.1)
    temple (0.6.7)
    tilt (2.0.0)
    treetop (1.4.15)
      polyglot
      polyglot (>= 0.3.1)
    ttfunk (1.0.3)

PLATFORMS
  ruby

DEPENDENCIES
  asciidoctor
  asciidoctor-pdf!
  coderay
